GEM
  remote: https://rubygems.org/
  specs:
    colorize (0.8.1)

PLATFORMS
  x86_64-linux

DEPENDENCIES
  colorize (= 0.8.1)

RUBY VERSION
   ruby 3.0.2p107

BUNDLED WITH
   2.3.18
